PATH
  remote: .
  specs:
    ProMotion (0.5.2)

GEM
  remote: https://rubygems.org/
  specs:
    motion-stump (0.2.1)

PLATFORMS
  ruby

DEPENDENCIES
  ProMotion!
  motion-stump
