PATH
  remote: .
  specs:
    ProMotion (0.5.1)

GEM
  remote: https://rubygems.org/
  specs:
    motion-stump (0.2.0)

PLATFORMS
  ruby

DEPENDENCIES
  ProMotion!
  motion-stump
