PATH
  remote: .
  specs:
    ProMotion (1.1.0.rc1)
      methadone
      motion-require (>= 0.0.6)

GEM
  remote: https://rubygems.org/
  specs:
    bubble-wrap (1.4.0)
    formotion (1.6)
      bubble-wrap (~> 1.4.0)
      motion-require (~> 0.0.3)
    methadone (1.3.1)
      bundler
    motion-redgreen (0.1.0)
    motion-require (0.0.7)
    motion-stump (0.3.0)
    rake (10.1.0)
    webstub (0.6.1)

PLATFORMS
  ruby

DEPENDENCIES
  ProMotion!
  formotion
  motion-redgreen
  motion-require
  motion-stump
  rake
  webstub
