PATH
  remote: .
  specs:
    ProMotion (0.7.6)

GEM
  remote: https://rubygems.org/
  specs:
    motion-redgreen (0.1.0)
    motion-stump (0.2.1)
    rake (10.0.4)
    webstub (0.6.0)

PLATFORMS
  ruby

DEPENDENCIES
  ProMotion!
  motion-redgreen
  motion-stump
  rake
  webstub
