PATH
  remote: .
  specs:
    ProMotion (2.0.0)
      dbt (~> 1.1.4)
      methadone (~> 1.3)

GEM
  remote: https://rubygems.org/
  specs:
    dbt (1.1.4)
    methadone (1.4.0)
      bundler
    motion-redgreen (0.1.0)
    motion-stump (0.3.2)
    rake (10.3.1)
    webstub (1.0.1)

PLATFORMS
  ruby

DEPENDENCIES
  ProMotion!
  motion-redgreen (~> 0.1)
  motion-stump (~> 0.3)
  rake (~> 10.1)
  webstub (~> 1.0)
